GEM
  remote: https://rubygems.org/
  specs:
    tokenizer (0.3.0)

PLATFORMS
  ruby

DEPENDENCIES
  tokenizer

BUNDLED WITH
   1.17.2
